GEM
  remote: https://rubygems.org/
  specs:
    base64 (0.2.0)
    feedbag (0.10.1)
      nokogiri (~> 1.8, >= 1.8.2)
      open_uri_redirections (~> 0.2)
    haml (5.1.2)
      temple (>= 0.8.0)
      tilt
    kgio (2.11.3)
    logger (1.6.1)
    mini_portile2 (2.8.8)
    multi_json (1.15.0)
    mustermann (3.0.3)
      ruby2_keywords (~> 0.0.1)
    nokogiri (1.18.2)
      mini_portile2 (~> 2.8.2)
      racc (~> 1.4)
    nokogiri (1.18.2-x86_64-darwin)
      racc (~> 1.4)
    nokogiri (1.18.2-x86_64-linux-gnu)
      racc (~> 1.4)
    open_uri_redirections (0.2.1)
    racc (1.8.1)
    rack (3.1.10)
    rack-protection (4.1.0)
      base64 (>= 0.1.0)
      logger (>= 1.6.0)
      rack (>= 3.0.0, < 4)
    rack-session (2.0.0)
      rack (>= 3.0.0)
    raindrops (0.19.1)
    ruby2_keywords (0.0.5)
    sinatra (4.1.0)
      logger (>= 1.6.0)
      mustermann (~> 3.0)
      rack (>= 3.0.0, < 4)
      rack-protection (= 4.1.0)
      rack-session (>= 2.0.0, < 3)
      tilt (~> 2.0)
    sinatra-contrib (4.1.0)
      multi_json (>= 0.0.2)
      mustermann (~> 3.0)
      rack-protection (= 4.1.0)
      sinatra (= 4.1.0)
      tilt (~> 2.0)
    temple (0.8.2)
    tilt (2.4.0)
    unicorn (5.7.0)
      kgio (~> 2.6)
      raindrops (~> 0.7)

PLATFORMS
  ruby
  x86_64-darwin
  x86_64-linux

DEPENDENCIES
  feedbag
  haml
  sinatra
  sinatra-contrib
  unicorn

RUBY VERSION
   ruby 3.4.1p0

BUNDLED WITH
   2.6.3
